GEM
  remote: https://rubygems.org/
  specs:
    aruba (0.14.14)
      childprocess (>= 0.6.3, < 4.0.0)
      contracts (~> 0.9)
      cucumber (>= 1.3.19)
      ffi (~> 1.9)
      rspec-expectations (>= 2.99)
      thor (>= 0.19, < 2.0)
    backports (3.15.0)
    builder (3.2.4)
    childprocess (3.0.0)
    coderay (1.1.2)
    contracts (0.16.0)
    cucumber (3.1.2)
      builder (>= 2.1.2)
      cucumber-core (~> 3.2.0)
      cucumber-expressions (~> 6.0.1)
      cucumber-wire (~> 0.0.1)
      diff-lcs (~> 1.3)
      gherkin (~> 5.1.0)
      multi_json (>= 1.7.5, < 2.0)
      multi_test (>= 0.1.2)
    cucumber-core (3.2.1)
      backports (>= 3.8.0)
      cucumber-tag_expressions (~> 1.1.0)
      gherkin (~> 5.0)
    cucumber-expressions (6.0.1)
    cucumber-tag_expressions (1.1.1)
    cucumber-wire (0.0.1)
    diff-lcs (1.3)
    ffi (1.11.3)
    gherkin (5.1.0)
    method_source (0.9.2)
    multi_json (1.14.1)
    multi_test (0.1.2)
    pry (0.12.2)
      coderay (~> 1.1.0)
      method_source (~> 0.9.0)
    require_all (3.0.0)
    rspec (3.9.0)
      rspec-core (~> 3.9.0)
      rspec-expectations (~> 3.9.0)
      rspec-mocks (~> 3.9.0)
    rspec-core (3.9.1)
      rspec-support (~> 3.9.1)
    rspec-expectations (3.9.0)
      diff-lcs (>= 1.2.0, < 2.0)
      rspec-support (~> 3.9.0)
    rspec-mocks (3.9.1)
      diff-lcs (>= 1.2.0, < 2.0)
      rspec-support (~> 3.9.0)
    rspec-support (3.9.2)
    thor (1.0.1)

PLATFORMS
  ruby

DEPENDENCIES
  aruba (~> 0.14.14)
  pry (~> 0.12.2)
  require_all (~> 3.0)
  rspec (~> 3.9)
  thor (~> 1.0, >= 1.0.1)

BUNDLED WITH
   1.17.3
